PATH
  remote: .
  specs:
    email_transactional (0.1.0)
      dalli
      hpricot
      nokogiri
      premailer (~> 1.8.5)
      tzinfo-data
      wdm (~> 0.1.0)

GEM
  remote: https://rubygems.org/
  specs:
    addressable (2.4.0)
    awesome_print (1.6.1)
    binding_of_caller (0.7.2)
      debug_inspector (>= 0.0.1)
    byebug (8.2.1)
    coderay (1.1.0)
    css_parser (1.3.7)
      addressable
    dalli (2.7.5)
    debug_inspector (0.0.2)
    hpricot (0.8.6)
    htmlentities (4.3.4)
    method_source (0.8.2)
    mini_portile2 (2.0.0)
    nokogiri (1.6.7.2)
      mini_portile2 (~> 2.0.0.rc2)
    premailer (1.8.6)
      css_parser (>= 1.3.6)
      htmlentities (>= 4.0.0)
    pry (0.10.3)
      coderay (~> 1.1.0)
      method_source (~> 0.8.1)
      slop (~> 3.4)
    pry-byebug (3.3.0)
      byebug (~> 8.0)
      pry (~> 0.10)
    pry-stack_explorer (0.4.9.2)
      binding_of_caller (>= 0.7)
      pry (>= 0.9.11)
    rake (10.5.0)
    slop (3.6.0)
    thread_safe (0.3.5)
    tzinfo (1.2.2)
      thread_safe (~> 0.1)
    tzinfo-data (1.2015.7)
      tzinfo (>= 1.0.0)
    wdm (0.1.1)

PLATFORMS
  ruby

DEPENDENCIES
  awesome_print
  bundler (~> 1.5)
  email_transactional!
  pry-byebug
  pry-stack_explorer
  rake
